PATH
  remote: .
  specs:
    deta (0.1.1)
      faraday (~> 2.1.0)
      faraday-multipart (~> 1.0.3)

GEM
  remote: https://rubygems.org/
  specs:
    faraday (2.1.0)
      faraday-net_http (~> 2.0)
      ruby2_keywords (>= 0.0.4)
    faraday-multipart (1.0.3)
      multipart-post (>= 1.2, < 3)
    faraday-net_http (2.0.1)
    multipart-post (2.1.1)
    rake (13.0.6)
    ruby2_keywords (0.0.5)

PLATFORMS
  x86_64-linux

DEPENDENCIES
  deta!
  rake (~> 13.0)

BUNDLED WITH
   2.3.3
